GEM
  remote: https://rubygems.org/
  specs:
    atk (2.0.2)
      glib2 (= 2.0.2)
    audite (0.3.0)
    cairo (1.12.6)
      pkg-config
    gdk_pixbuf2 (2.0.2)
      glib2 (= 2.0.2)
    glib2 (2.0.2)
      pkg-config
    green_shoes (1.1.374)
      gtk2
    gtk2 (2.0.2)
      atk (= 2.0.2)
      gdk_pixbuf2 (= 2.0.2)
      pango (= 2.0.2)
    pango (2.0.2)
      cairo (>= 1.12.5)
      glib2 (= 2.0.2)
    pkg-config (1.1.4)

PLATFORMS
  ruby

DEPENDENCIES
  audite
  green_shoes
